GEM
  remote: https://rubygems.org/
  specs:
    coderay (1.1.1)
    faraday (0.11.0)
      multipart-post (>= 1.2, < 3)
    json (2.0.3)
    libxml-ruby (2.9.0)
    method_source (0.8.2)
    multipart-post (2.0.0)
    mustermann (2.0.2)
      ruby2_keywords (~> 0.0.1)
    net-http-persistent (2.9.4)
    pry (0.10.4)
      coderay (~> 1.1.0)
      method_source (~> 0.8.1)
      slop (~> 3.4)
    puma (3.7.0)
    rack (2.2.6.4)
    rack-protection (2.2.3)
      rack
    rake (12.0.0)
    redcarpet (3.4.0)
    right_aws_api (0.3.5)
      right_cloud_api_base (>= 0.2.6)
    right_cloud_api_base (0.2.6)
      json (>= 1.0.0)
      libxml-ruby (>= 1.0.0)
      net-http-persistent (~> 2.9)
      redcarpet (>= 3.0.0)
      ruby-hmac (>= 0.4.0)
    ruby-hmac (0.4.0)
    ruby2_keywords (0.0.5)
    sinatra (2.2.3)
      mustermann (~> 2.0)
      rack (~> 2.2)
      rack-protection (= 2.2.3)
      tilt (~> 2.0)
    slop (3.6.0)
    tilt (2.1.0)

PLATFORMS
  ruby

DEPENDENCIES
  faraday
  json (~> 2.0.3)
  pry
  puma (~> 3.0)
  rake
  right_aws_api (~> 0.3.5)
  sinatra (~> 2.2.3)

BUNDLED WITH
   1.12.5
